GEM
  remote: https://rubygems.org/
  specs:
    dotenv (0.9.0)
    em-proxy (0.1.8)
      eventmachine
    eventmachine (1.0.3)
    foreman (0.63.0)
      dotenv (>= 0.7)
      thor (>= 0.13.6)
    http_parser.rb (0.5.3)
    kage (0.9.1)
      em-proxy (>= 0.1.7)
      http_parser.rb (>= 0.5.3)
    thor (0.18.1)

PLATFORMS
  ruby

DEPENDENCIES
  foreman
  kage
